PATH
  remote: .
  specs:
    rack-oauth2-server (1.0.beta)
      bson_ext
      mongo (~> 1)
      rack (~> 1)

GEM
  remote: http://rubygems.org/
  specs:
    awesome_print (0.2.1)
    bson (1.1.1)
    bson_ext (1.1.1)
    json (1.4.6)
    mongo (1.1.1)
      bson (>= 1.1.1)
    rack (1.2.1)
    rack-test (0.5.6)
      rack (>= 1.0)
    shoulda (2.11.3)
    sinatra (1.1.0)
      rack (~> 1.1)
      tilt (~> 1.1)
    tilt (1.1)
    timecop (0.3.5)
    yard (0.6.1)

PLATFORMS
  ruby

DEPENDENCIES
  awesome_print
  bson_ext
  json
  mongo (~> 1)
  rack (~> 1)
  rack-oauth2-server!
  rack-test
  shoulda
  sinatra
  timecop
  yard
