PATH
  remote: .
  specs:
    rack-oauth2-server (1.4.5)
      bson_ext
      mongo (~> 1)
      rack (~> 1.1)
      sinatra (~> 1.1)

GEM
  remote: http://rubygems.org/
  specs:
    actionmailer (2.3.2)
      actionpack (= 2.3.2)
    actionpack (2.3.2)
      activesupport (= 2.3.2)
    activerecord (2.3.2)
      activesupport (= 2.3.2)
    activeresource (2.3.2)
      activesupport (= 2.3.2)
    activesupport (2.3.2)
    awesome_print (0.2.1)
    bson (1.1.2)
    bson_ext (1.1.2)
    daemons (1.1.0)
    eventmachine (0.12.10)
    json (1.4.6)
    mongo (1.1.2)
      bson (>= 1.1.1)
    rack (1.2.1)
    rack-test (0.5.6)
      rack (>= 1.0)
    rails (2.3.2)
      actionmailer (= 2.3.2)
      actionpack (= 2.3.2)
      activerecord (= 2.3.2)
      activeresource (= 2.3.2)
      activesupport (= 2.3.2)
      rake (>= 0.8.3)
    rake (0.8.7)
    shoulda (2.11.3)
    sinatra (1.1.0)
      rack (~> 1.1)
      tilt (~> 1.1)
    thin (1.2.7)
      daemons (>= 1.0.9)
      eventmachine (>= 0.12.6)
      rack (>= 1.0.0)
    tilt (1.1)
    timecop (0.3.5)
    yard (0.6.1)

PLATFORMS
  ruby

DEPENDENCIES
  actionpack (~> 2.3)
  awesome_print
  bson_ext
  json
  mongo (~> 1)
  rack (~> 1.1)
  rack-oauth2-server!
  rack-test
  rails (~> 2.3)
  shoulda
  sinatra (~> 1.1)
  thin
  timecop
  yard
